PATH
  remote: .
  specs:
    global_uid (1.0.3)
      activerecord
      activesupport
      global_uid
      mysql (= 2.8.1)

GEM
  remote: http://rubygems.org/
  specs:
    activemodel (3.1.1)
      activesupport (= 3.1.1)
      builder (~> 3.0.0)
      i18n (~> 0.6)
    activerecord (3.1.1)
      activemodel (= 3.1.1)
      activesupport (= 3.1.1)
      arel (~> 2.2.1)
      tzinfo (~> 0.3.29)
    activesupport (3.1.1)
      multi_json (~> 1.0)
    arel (2.2.1)
    builder (3.0.0)
    columnize (0.3.2)
    git (1.2.5)
    i18n (0.6.0)
    jeweler (1.6.4)
      bundler (~> 1.0)
      git (>= 1.2.5)
      rake
    linecache (0.43)
    mocha (0.9.12)
    multi_json (1.0.3)
    mysql (2.8.1)
    rake (0.8.7)
    ruby-debug (0.10.4)
      columnize (>= 0.1)
      ruby-debug-base (~> 0.10.4.0)
    ruby-debug-base (0.10.4)
      linecache (>= 0.3)
    shoulda (2.11.3)
    tzinfo (0.3.30)

PLATFORMS
  ruby

DEPENDENCIES
  bundler
  global_uid!
  jeweler
  mocha
  rake
  ruby-debug
  shoulda
